PATH
  remote: .
  specs:
    msgtrail (1.0.5)
      dotenv (~> 2)
      http (~> 4)
      multi_json (~> 1)
      nicetitle (~> 1)
      redcarpet (~> 3)
      tilt (~> 2)

GEM
  remote: https://rubygems.org/
  specs:
    addressable (2.7.0)
      public_suffix (>= 2.0.2, < 5.0)
    domain_name (0.5.20190701)
      unf (>= 0.0.5, < 1.0.0)
    dotenv (2.7.6)
    ffi (1.14.2)
    ffi-compiler (1.0.1)
      ffi (>= 1.0.0)
      rake
    http (4.4.1)
      addressable (~> 2.3)
      http-cookie (~> 1.0)
      http-form_data (~> 2.2)
      http-parser (~> 1.2.0)
    http-cookie (1.0.3)
      domain_name (~> 0.5)
    http-form_data (2.3.0)
    http-parser (1.2.3)
      ffi-compiler (>= 1.0, < 2.0)
    minitest (5.14.3)
    multi_json (1.15.0)
    nicetitle (1.0.2)
    public_suffix (4.0.6)
    rake (13.0.3)
    redcarpet (3.5.1)
    tilt (2.0.10)
    unf (0.1.4)
      unf_ext
    unf_ext (0.0.7.7)

PLATFORMS
  x86_64-darwin-20

DEPENDENCIES
  bundler (~> 2)
  minitest (~> 5)
  msgtrail!
  rake (~> 13)

BUNDLED WITH
   2.2.8
